PATH
  remote: .
  specs:
    social_shares (0.0.1)
      oj
      rest-client

GEM
  remote: https://rubygems.org/
  specs:
    mime-types (2.0)
    netrc (0.7.7)
    oj (2.10.2)
    rake (10.3.2)
    rest-client (1.7.2)
      mime-types (>= 1.16, < 3.0)
      netrc (~> 0.7)

PLATFORMS
  ruby

DEPENDENCIES
  bundler (~> 1.6)
  rake
  social_shares!
